GEM
  remote: https://rubygems.org/
  specs:
    coderay (1.1.2)
    colorize (0.8.1)
    httparty (0.15.6)
      multi_xml (>= 0.5.2)
    logger (1.2.8)
    method_source (0.8.2)
    multi_xml (0.6.0)
    mysql2 (0.4.9)
    pry (0.11.0)
      coderay (~> 1.1.0)
      method_source (~> 0.8.1)
    trollop (2.1.2)
    tty-cursor (0.5.0)
    tty-spinner (0.7.0)
      tty-cursor (>= 0.5.0)

PLATFORMS
  ruby

DEPENDENCIES
  colorize
  httparty
  logger
  mysql2
  pry
  trollop
  tty-spinner

BUNDLED WITH
   1.15.4
